PATH
  remote: .
  specs:
    stack_overlord (0.0.6)
      bundler (~> 1.7)
      encrypted_strings
      json
      macaddr
      rest_client

GEM
  remote: https://rubygems.org/
  specs:
    diff-lcs (1.2.5)
    encrypted_strings (0.3.3)
    json (1.8.1)
    macaddr (1.7.1)
      systemu (~> 2.6.2)
    netrc (0.7.9)
    rake (10.3.2)
    rest_client (1.8.2)
      netrc (~> 0.7.7)
    rspec (3.1.0)
      rspec-core (~> 3.1.0)
      rspec-expectations (~> 3.1.0)
      rspec-mocks (~> 3.1.0)
    rspec-core (3.1.7)
      rspec-support (~> 3.1.0)
    rspec-expectations (3.1.2)
      diff-lcs (>= 1.2.0, < 2.0)
      rspec-support (~> 3.1.0)
    rspec-mocks (3.1.3)
      rspec-support (~> 3.1.0)
    rspec-support (3.1.2)
    systemu (2.6.4)

PLATFORMS
  ruby

DEPENDENCIES
  bundler
  encrypted_strings
  json
  macaddr
  rake
  rest_client
  rspec
  stack_overlord!
